PATH
  remote: .
  specs:
    calasmash (1.1.0.pre)
      CFPropertyList
      xcodeproject

GEM
  remote: https://rubygems.org/
  specs:
    CFPropertyList (2.2.4)
    coderay (1.0.9)
    diff-lcs (1.2.5)
    ffi (1.9.0)
    formatador (0.2.4)
    guard (1.8.0)
      formatador (>= 0.2.4)
      listen (>= 1.0.0)
      lumberjack (>= 1.0.2)
      pry (>= 0.9.10)
      thor (>= 0.14.6)
    guard-rspec (3.0.0)
      guard (>= 1.8)
      rspec (~> 2.13)
    json (1.7.7)
    listen (1.1.6)
      rb-fsevent (>= 0.9.3)
      rb-inotify (>= 0.9)
      rb-kqueue (>= 0.2)
    lumberjack (1.0.3)
    macaddr (1.6.1)
      systemu (~> 2.5.0)
    method_source (0.8.1)
    pry (0.9.12.2)
      coderay (~> 1.0.5)
      method_source (~> 0.8)
      slop (~> 3.4)
    rake (10.1.0)
    rb-fsevent (0.9.3)
    rb-inotify (0.9.0)
      ffi (>= 0.5.0)
    rb-kqueue (0.2.0)
      ffi (>= 0.5.0)
    rspec (2.14.1)
      rspec-core (~> 2.14.0)
      rspec-expectations (~> 2.14.0)
      rspec-mocks (~> 2.14.0)
    rspec-core (2.14.7)
    rspec-expectations (2.14.4)
      diff-lcs (>= 1.1.3, < 2.0)
    rspec-mocks (2.14.4)
    slop (3.4.4)
    state_machine (1.1.2)
    systemu (2.5.2)
    thor (0.18.1)
    uuid (2.3.7)
      macaddr (~> 1.0)
    xcodebuild-rb (0.2.0)
      state_machine (~> 1.1.2)
    xcodeproject (0.3.12)
      json (~> 1.7.5)
      rake (>= 0.8.7)
      uuid (~> 2.3.5)
      xcodebuild-rb (~> 0.2.0)

PLATFORMS
  ruby

DEPENDENCIES
  bundler (~> 1.3)
  calasmash!
  guard-rspec
  rake
  rspec
