PATH
  remote: .
  specs:
    calasmash (1.0.0)
      CFPropertyList

GEM
  remote: https://rubygems.org/
  specs:
    CFPropertyList (2.2.4)
    rake (10.1.0)

PLATFORMS
  ruby

DEPENDENCIES
  bundler (~> 1.3)
  calasmash!
  rake
